GEM
  remote: https://rubygems.org/
  specs:
    activesupport (5.2.3)
      concurrent-ruby (~> 1.0, >= 1.0.2)
      i18n (>= 0.7, < 2)
      minitest (~> 5.1)
      tzinfo (~> 1.1)
    addressable (2.6.0)
      public_suffix (>= 2.0.2, < 4.0)
    concurrent-ruby (1.1.5)
    faraday (0.15.4)
      multipart-post (>= 1.2, < 3)
    i18n (1.6.0)
      concurrent-ruby (~> 1.0)
    jsonpath (1.0.4)
      multi_json
      to_regexp (~> 0.2.1)
    minitest (5.11.3)
    multi_json (1.13.1)
    multipart-post (2.1.1)
    my_api_client (0.6.0)
      activesupport (>= 4.2.0)
      jsonpath
      sawyer
    public_suffix (3.1.1)
    sawyer (0.8.2)
      addressable (>= 2.3.5)
      faraday (> 0.8, < 2.0)
    thread_safe (0.3.6)
    to_regexp (0.2.1)
    tzinfo (1.2.5)
      thread_safe (~> 0.1)

PLATFORMS
  ruby

DEPENDENCIES
  my_api_client

BUNDLED WITH
   1.17.1
